GIT
  remote: git@github.com:janslow/qlab-ruby.git
  revision: 351db203b61fad017a54324c85d692c0164d89a4
  branch: master
  specs:
    qlab-ruby (0.1.2)
      osc-ruby

GEM
  remote: https://rubygems.org/
  specs:
    osc-ruby (1.1.1)

PLATFORMS
  ruby

DEPENDENCIES
  qlab-ruby!
